GIT
  remote: git@github.com:spree/spree_static_content.git
  revision: 35c1255dd77b607f304b2a338e5b6632f214daf1
  branch: 1-0-stable
  specs:
    spree_static_content (1.0.1)
      spree_auth (~> 1.0.0)
      spree_core (~> 1.0.0)

GIT
  remote: https://github.com/genuitytech/spree_pinterest.git
  revision: 4b836132fa7ce93703c844bfe1c8eab393479364
  tag: v0.2.1
  specs:
    spree_pinterest (0.2.1)
      spree_core (>= 1.0.0)

GEM
  remote: http://rubygems.org/
  specs:
    actionmailer (3.1.4)
      actionpack (= 3.1.4)
      mail (~> 2.3.0)
    actionpack (3.1.4)
      activemodel (= 3.1.4)
      activesupport (= 3.1.4)
      builder (~> 3.0.0)
      erubis (~> 2.7.0)
      i18n (~> 0.6)
      rack (~> 1.3.6)
      rack-cache (~> 1.1)
      rack-mount (~> 0.8.2)
      rack-test (~> 0.6.1)
      sprockets (~> 2.0.3)
    active_utils (1.0.3)
      activesupport (>= 2.3.11)
      i18n
    activemerchant (1.20.1)
      active_utils (>= 1.0.1)
      activesupport (>= 2.3.11)
      braintree (>= 2.0.0)
      builder (>= 2.0.0)
      i18n
      json (>= 1.5.1)
      money (<= 3.7.1)
    activemodel (3.1.4)
      activesupport (= 3.1.4)
      builder (~> 3.0.0)
      i18n (~> 0.6)
    activerecord (3.1.4)
      activemodel (= 3.1.4)
      activesupport (= 3.1.4)
      arel (~> 2.2.3)
      tzinfo (~> 0.3.29)
    activeresource (3.1.4)
      activemodel (= 3.1.4)
      activesupport (= 3.1.4)
    activesupport (3.1.4)
      multi_json (~> 1.0)
    acts_as_list (0.1.4)
    addressable (2.2.7)
    akami (1.0.0)
      gyoku (>= 0.4.0)
    ansi (1.4.2)
    arel (2.2.3)
    bcrypt-ruby (3.0.1)
    braintree (2.16.0)
      builder (>= 2.0.0)
    builder (3.0.0)
    cancan (1.6.7)
    cocaine (0.2.1)
    coffee-rails (3.1.1)
      coffee-script (>= 2.2.0)
      railties (~> 3.1.0)
    coffee-script (2.2.0)
      coffee-script-source
      execjs
    coffee-script-source (1.3.1)
    deface (0.8.0)
      nokogiri (~> 1.5.0)
      rails (>= 3.0.9)
    devise (1.4.8)
      bcrypt-ruby (~> 3.0)
      orm_adapter (~> 0.0.3)
      warden (~> 1.0.3)
    erubis (2.7.0)
    execjs (1.3.0)
      multi_json (~> 1.0)
    ffaker (1.12.1)
    gyoku (0.4.4)
      builder (>= 2.1.2)
    heroku (2.21.3)
      launchy (>= 0.3.2)
      netrc (~> 0.7.1)
      rest-client (~> 1.6.1)
      rubyzip
    highline (1.6.8)
    hike (1.2.1)
    httpi (0.9.7)
      rack
    i18n (0.6.0)
    jquery-rails (1.0.19)
      railties (~> 3.0)
      thor (~> 0.14)
    json (1.6.6)
    kaminari (0.13.0)
      actionpack (>= 3.0.0)
      activesupport (>= 3.0.0)
      railties (>= 3.0.0)
    launchy (2.1.0)
      addressable (~> 2.2.6)
    mail (2.3.3)
      i18n (>= 0.4.0)
      mime-types (~> 1.16)
      treetop (~> 1.4.8)
    meta_search (1.1.1)
      actionpack (~> 3.1.0)
      activerecord (~> 3.1.0)
      activesupport (~> 3.1.0)
      polyamorous (~> 0.5.0)
    mime-types (1.18)
    money (3.7.1)
      i18n (~> 0.4)
    multi_json (1.3.2)
    nested_set (1.6.8)
      activerecord (>= 3.0.0)
      railties (>= 3.0.0)
    netrc (0.7.1)
    nokogiri (1.5.2)
    nori (1.1.0)
    orm_adapter (0.0.7)
    paperclip (2.5.0)
      activerecord (>= 2.3.0)
      activesupport (>= 2.3.2)
      cocaine (>= 0.0.2)
      mime-types
    pg (0.13.2)
    polyamorous (0.5.0)
      activerecord (~> 3.0)
    polyglot (0.3.3)
    rack (1.3.6)
    rack-cache (1.2)
      rack (>= 0.4)
    rack-mount (0.8.3)
      rack (>= 1.0.0)
    rack-ssl (1.3.2)
      rack
    rack-test (0.6.1)
      rack (>= 1.0)
    rails (3.1.4)
      actionmailer (= 3.1.4)
      actionpack (= 3.1.4)
      activerecord (= 3.1.4)
      activeresource (= 3.1.4)
      activesupport (= 3.1.4)
      bundler (~> 1.0)
      railties (= 3.1.4)
    railties (3.1.4)
      actionpack (= 3.1.4)
      activesupport (= 3.1.4)
      rack-ssl (~> 1.3.2)
      rake (>= 0.8.7)
      rdoc (~> 3.4)
      thor (~> 0.14.6)
    rake (0.9.2.2)
    rdoc (3.12)
      json (~> 1.4)
    rest-client (1.6.7)
      mime-types (>= 1.16)
    rubyzip (0.9.6.1)
    sass (3.1.16)
    sass-rails (3.1.6)
      actionpack (~> 3.1.0)
      railties (~> 3.1.0)
      sass (>= 3.1.10)
      tilt (~> 1.3.2)
    savon (0.9.9)
      akami (~> 1.0)
      builder (>= 2.1.2)
      gyoku (>= 0.4.0)
      httpi (~> 0.9)
      nokogiri (>= 1.4.0)
      nori (~> 1.1)
      wasabi (~> 2.1)
    sequel (3.20.0)
    sinatra (1.0)
      rack (>= 1.0)
    spree (1.0.2)
      spree_api (= 1.0.2)
      spree_auth (= 1.0.2)
      spree_cmd (= 1.0.2)
      spree_core (= 1.0.2)
      spree_dash (= 1.0.2)
      spree_promo (= 1.0.2)
      spree_sample (= 1.0.2)
    spree_api (1.0.2)
      spree_auth (= 1.0.2)
      spree_core (= 1.0.2)
    spree_auth (1.0.2)
      cancan (= 1.6.7)
      devise (= 1.4.8)
      spree_core (= 1.0.2)
    spree_cmd (1.0.2)
    spree_core (1.0.2)
      activemerchant (= 1.20.1)
      acts_as_list (= 0.1.4)
      deface (>= 0.7.2)
      ffaker (~> 1.12.0)
      highline (= 1.6.8)
      jquery-rails (>= 1.0.18, <= 1.0.19)
      kaminari (>= 0.13.0)
      meta_search (= 1.1.1)
      nested_set (= 1.6.8)
      paperclip (= 2.5.0)
      rails (>= 3.1.1, <= 3.1.4)
      state_machine (= 1.1.1)
      stringex (~> 1.3.0)
    spree_dash (1.0.2)
      spree_core (= 1.0.2)
    spree_promo (1.0.2)
      spree_auth (= 1.0.2)
      spree_core (= 1.0.2)
    spree_sample (1.0.2)
      spree_core (= 1.0.2)
    spree_skrill (1.0.1)
      spree_core (>= 1.0.0)
    spree_usa_epay (1.0.1)
      savon
      spree_core (>= 1.0.0)
    sprockets (2.0.3)
      hike (~> 1.2)
      rack (~> 1.0)
      tilt (~> 1.1, != 1.3.0)
    sqlite3 (1.3.6)
    sqlite3-ruby (1.3.3)
      sqlite3 (>= 1.3.3)
    state_machine (1.1.1)
    stringex (1.3.3)
    taps (0.3.23)
      rack (>= 1.0.1)
      rest-client (>= 1.4.0, < 1.7.0)
      sequel (~> 3.20.0)
      sinatra (~> 1.0.0)
      sqlite3-ruby (~> 1.2)
    thor (0.14.6)
    tilt (1.3.3)
    treetop (1.4.10)
      polyglot
      polyglot (>= 0.3.1)
    turn (0.8.2)
      ansi (>= 1.2.2)
    tzinfo (0.3.33)
    uglifier (1.2.4)
      execjs (>= 0.3.0)
      multi_json (>= 1.0.2)
    warden (1.0.6)
      rack (>= 1.0)
    wasabi (2.1.0)
      nokogiri (>= 1.4.0)

PLATFORMS
  ruby

DEPENDENCIES
  coffee-rails (~> 3.1.1)
  heroku
  jquery-rails
  pg
  rails (= 3.1.4)
  sass-rails (~> 3.1.5)
  spree
  spree_pinterest!
  spree_skrill
  spree_static_content!
  spree_usa_epay
  sqlite3
  taps
  turn (= 0.8.2)
  uglifier (>= 1.0.3)
